GEM
  remote: https://rubygems.org/
  specs:
    base64 (0.2.0)
    nokogiri (1.16.6-arm64-darwin)
      racc (~> 1.4)
    nokogiri (1.16.6-x86_64-linux)
      racc (~> 1.4)
    racc (1.8.0)
    rexml (3.3.0)
      strscan
    rubyzip (2.3.2)
    selenium-webdriver (4.21.1)
      base64 (~> 0.2)
      rexml (~> 3.2, >= 3.2.5)
      rubyzip (>= 1.2.2, < 3.0)
      websocket (~> 1.0)
    strscan (3.1.0)
    websocket (1.2.10)

PLATFORMS
  arm64-darwin-23
  x86_64-linux

DEPENDENCIES
  nokogiri
  selenium-webdriver

BUNDLED WITH
   2.3.16
